FRAMEWORK: NET45
NUGET
  remote: https://www.nuget.org/api/v2
  specs:
    FAKE (4.11.3)
    FSharp.Compiler.Service (1.4.2.3)
    FSharp.Control.AsyncSeq (2.0.3)
    FSharp.Formatting (2.12.1)
      FSharp.Compiler.Service (>= 1.4.2 < 1.5.0)
      FSharpVSPowerTools.Core (>= 2.2.0 < 2.3.0)
    FSharpVSPowerTools.Core (2.2.0)
      FSharp.Compiler.Service (>= 1.4.2.0)
    MongoDB.Bson (2.0.2)
    MongoDB.Driver.Core (2.0.2)
      MongoDB.Bson (>= 2.0.2)
    NUnit (2.6.4)
    NUnit.Runners (2.6.4)
    SourceLink.Fake (1.1.0)
    Unquote (3.1.0)
